GEM
  remote: https://rubygems.org/
  specs:
    rack (1.6.1)

PLATFORMS
  ruby
  x64-mingw32

DEPENDENCIES
  rack

BUNDLED WITH
   1.10.3
