GEM
  remote: https://rubygems.org/
  specs:
    rack (1.5.3)

PLATFORMS
  x64-mingw32

DEPENDENCIES
  rack (~> 1.5.2)

BUNDLED WITH
   1.10.3
